GEM
  specs:
    addressable (2.2.2)
    em-websocket (0.1.4)
      addressable (>= 2.1.1)
      eventmachine (>= 0.12.9)
    eventmachine (0.12.10)
    ffi (0.6.3)
      rake (>= 0.8.7)
    growl (1.0.3)
    guard (0.1.1)
      bundler (~> 1.0.2)
      growl (~> 1.0.3)
      libnotify (~> 0.1.3)
      rb-inotify (~> 0.8.1)
      sys-uname (~> 0.8.4)
      thor (~> 0.14.3)
    guard-livereload (0.1.1)
      em-websocket (~> 0.1.3)
      guard (~> 0.1.1)
      json (~> 1.4.6)
    json (1.4.6)
    libnotify (0.1.4)
      ffi (>= 0.6.2)
    rake (0.8.7)
    rb-inotify (0.8.1)
      ffi (>= 0.5.0)
    sys-uname (0.8.4)
    thor (0.14.3)

PLATFORMS
  ruby

DEPENDENCIES
  guard-livereload
